PATH
  remote: .
  specs:
    astronoby (0.1.0)

GEM
  remote: https://rubygems.org/
  specs:

PLATFORMS
  x86_64-linux

DEPENDENCIES
  astronoby!

BUNDLED WITH
   2.3.11
